GEM
  remote: https://rubygems.org/
  specs:
    redis (3.3.5)

PLATFORMS
  ruby

DEPENDENCIES
  redis (>= 3.3.3, < 4.0.0)

BUNDLED WITH
   2.1.4
