GEM
  remote: https://rubygems.org/
  specs:
    redis (4.4.0)

PLATFORMS
  ruby

DEPENDENCIES
  redis (>= 3.3.3, < 5.0.0)

BUNDLED WITH
   2.1.4
